GEM
  remote: https://rubygems.org/
  specs:
    byebug (8.2.4)
    codeclimate-test-reporter (0.5.0)
      simplecov (>= 0.7.1, < 1.0.0)
    coveralls (0.8.13)
      json (~> 1.8)
      simplecov (~> 0.11.0)
      term-ansicolor (~> 1.3)
      thor (~> 0.19.1)
      tins (~> 1.6.0)
    docile (1.1.5)
    json (1.8.3)
    rake (10.1.0)
    simplecov (0.11.2)
      docile (~> 1.1.0)
      json (~> 1.8)
      simplecov-html (~> 0.10.0)
    simplecov-html (0.10.0)
    term-ansicolor (1.3.2)
      tins (~> 1.0)
    thor (0.19.1)
    tins (1.6.0)

PLATFORMS
  ruby

DEPENDENCIES
  byebug
  codeclimate-test-reporter
  coveralls
  rake

BUNDLED WITH
   1.10.5
